GEM
  remote: http://rubygems.org/
  specs:
    addressable (2.7.0)
      public_suffix (>= 2.0.2, < 5.0)
    builder (3.2.2)
    diff-lcs (1.1.3)
    faraday (0.8.11)
      multipart-post (~> 1.2.0)
    git (1.2.6)
    github_api (0.10.1)
      addressable
      faraday (~> 0.8.1)
      hashie (>= 1.2)
      multi_json (~> 1.4)
      nokogiri (~> 1.5.2)
      oauth2
    hashie (3.6.0)
    highline (1.6.21)
    iostruct (0.0.1)
    jeweler (1.8.8)
      builder
      bundler (~> 1.0)
      git (>= 1.2.5)
      github_api (= 0.10.1)
      highline (>= 1.6.15)
      nokogiri (= 1.5.10)
      rake
      rdoc
    json (1.8.1)
    jwt (2.2.1)
    multi_json (1.13.1)
    multi_xml (0.6.0)
    multipart-post (1.2.0)
    nokogiri (1.5.10)
    oauth2 (1.4.2)
      faraday (>= 0.8, < 2.0)
      jwt (>= 1.0, < 3.0)
      multi_json (~> 1.3)
      multi_xml (~> 0.5)
      rack (>= 1.2, < 3)
    public_suffix (4.0.1)
    rack (2.0.7)
    rainbow (2.0.0)
    rake (10.1.1)
    rdoc (4.1.1)
      json (~> 1.4)
    rspec (2.12.0)
      rspec-core (~> 2.12.0)
      rspec-expectations (~> 2.12.0)
      rspec-mocks (~> 2.12.0)
    rspec-core (2.12.2)
    rspec-expectations (2.12.1)
      diff-lcs (~> 1.1.3)
    rspec-mocks (2.12.1)
    zpng (0.2.5)
      rainbow

PLATFORMS
  ruby

DEPENDENCIES
  bundler (>= 1.0.0)
  iostruct
  jeweler (~> 1.8.4)
  rspec (>= 2.8.0)
  zpng (>= 0.2.5)
